{
  "Modality": "MR",
  "MagneticFieldStrength": 3,
  "ImagingFrequency": 127.716483,
  "Manufacturer": "GE",
  "InternalPulseSequenceName": "EPI2",
  "ManufacturersModelName": "DISCOVERY MR750",
  "InstitutionName": "fmri3tw",
  "DeviceSerialNumber": "00000858822HDMR1",
  "StationName": "MROW2",
  "PatientPosition": "HFS",
  "SoftwareVersions": "25\\LX\\MR Software release:DV25.0_R02_1549.b",
  "MRAcquisitionType": "2D",
  "SeriesDescription": "45-dir MultiShell Pepolar 8ch",
  "ProtocolName": "Hau_Harmonization_100320",
  "ScanningSequence": "EP\\RM",
  "SequenceVariant": "NONE",
  "ScanOptions": "SAT_GEMS\\EPI_GEMS\\PFF\\FS",
  "PulseSequenceName": "epi2_pepolarFLEX",
  "ImageType": [
    "ORIGINAL",
    "PRIMARY",
    "OTHER"
  ],
  "SeriesNumber": 18,
  "AcquisitionTime": "16:59:43.000000",
  "AcquisitionNumber": 1,
  "SliceThickness": 2.5,
  "SpacingBetweenSlices": 2.5,
  "SAR": 0.504669,
  "EchoTime": 0.0806,
  "RepetitionTime": 7,
  "FlipAngle": 90,
  "PhaseEncodingPolarityGE": "Flipped",
  "ShimSetting": [
    0,
    -1,
    -43
  ],
  "NumberOfDiffusionT2GE": 2,
  "CoilString": "8HRBRAIN",
  "PercentPhaseFOV": 100,
  "PercentSampling": 100,
  "AcquisitionMatrixPE": 96,
  "ReconMatrixPE": 128,
  "EffectiveEchoSpacing": 0.000439843,
  "TotalReadoutTime": 0.05586,
  "PixelBandwidth": 3906.25,
  "PhaseEncodingDirection": "j",
  "SliceTiming": [
    3.43396,
    6.86792,
    3.30189,
    6.73585,
    3.16981,
    6.60377,
    3.03774,
    6.4717,
    2.90566,
    6.33962,
    2.77358,
    6.20755,
    2.64151,
    6.07547,
    2.50943,
    5.9434,
    2.37736,
    5.81132,
    2.24528,
    5.67925,
    2.11321,
    5.54717,
    1.98113,
    5.41509,
    1.84906,
    5.28302,
    1.71698,
    5.15094,
    1.58491,
    5.01887,
    1.45283,
    4.88679,
    1.32075,
    4.75472,
    1.18868,
    4.62264,
    1.0566,
    4.49057,
    0.924528,
    4.35849,
    0.792453,
    4.22642,
    0.660377,
    4.09434,
    0.528302,
    3.96226,
    0.396226,
    3.83019,
    0.264151,
    3.69811,
    0.132075,
    3.56604,
    0
  ],
  "ImageOrientationPatientDICOM": [
    1,
    -0,
    0,
    -0,
    1,
    0
  ],
  "InPlanePhaseEncodingDirectionDICOM": "COL",
  "ConversionSoftware": "dcm2niix",
  "ConversionSoftwareVersion": "v1.0.20230411"
}
