{
    "Modality": "MR",
    "MagneticFieldStrength": 3,
    "ImagingFrequency": 127.716485,
    "Manufacturer": "GE",
    "ManufacturersModelName": "DISCOVERY MR750",
    "InstitutionName": "fmri3tw",
    "DeviceSerialNumber": "00000858822HDMR1",
    "StationName": "MROW2",
    "PatientAge": 0,
    "PatientPosition": "HFS",
    "ProcedureStepDescription": "SPGR",
    "SoftwareVersions": "25\\LX\\MR Software release:DV25.0_R02_1549.b",
    "MRAcquisitionType": "3D",
    "SeriesDescription": "PU:MPRAGE PROMO",
    "ProtocolName": "Hau_Harmonization_100320",
    "ScanningSequence": "RM",
    "SequenceVariant": "NONE",
    "ScanOptions": "EDR_GEMS\\PROMO_GEMS\\ACC_GEMS\\FILTERED_GEMS",
    "PulseSequenceName": "research/mprage_promo",
    "ImageType": [
        "DERIVED",
        "PRIMARY",
        "OTHER"
    ],
    "RawImage": false,
    "SeriesNumber": 300,
    "AcquisitionTime": "15:52:40.000000",
    "AcquisitionNumber": 1,
    "SliceThickness": 0.8,
    "SpacingBetweenSlices": 0.8,
    "SAR": 0.233622,
    "EchoTime": 0.003656,
    "RepetitionTime": 0.008776,
    "InversionTime": 1.06,
    "FlipAngle": 8,
    "ShimSetting": [
        6,
        -2,
        -33
    ],
    "PrescanReuseString": "TG/s1",
    "CoilString": "RM:Nova32ch",
    "PercentPhaseFOV": 94,
    "PercentSampling": 100,
    "AcquisitionMatrixPE": 320,
    "ReconMatrixPE": 320,
    "ParallelReductionFactorInPlane": 2,
    "PixelBandwidth": 195.312,
    "ImageOrientationPatientDICOM": [
        0,
        1,
        0,
        0,
        0,
        -1
    ],
    "InPlanePhaseEncodingDirectionDICOM": "ROW",
    "BidsGuess": [
        "derived",
        "_acq-EFGRE3Dp2_run-300_T1w"
    ],
    "ConversionSoftware": "dcm2niix",
    "ConversionSoftwareVersion": "v1.0.20240202"
}