{
  "Modality": "MR",
  "MagneticFieldStrength": 3,
  "ImagingFrequency": 127.716409,
  "Manufacturer": "GE",
  "InternalPulseSequenceName": "EPI2",
  "ManufacturersModelName": "DISCOVERY MR750",
  "InstitutionName": "fmri3tw",
  "DeviceSerialNumber": "00000858822HDMR1",
  "StationName": "MROW2",
  "PatientPosition": "HFS",
  "SoftwareVersions": "25\\LX\\MR Software release:DV25.0_R02_1549.b",
  "MRAcquisitionType": "2D",
  "SeriesDescription": "Diffusion_Field_Map_2b0",
  "ProtocolName": "Hau_Harmonization_100320",
  "ScanningSequence": "EP\\RM",
  "SequenceVariant": "NONE",
  "ScanOptions": "SAT_GEMS\\EDR_GEMS\\EPI_GEMS\\PFF\\FS",
  "PulseSequenceName": "research/ABCD/muxepi2",
  "ImageType": [
    "ORIGINAL",
    "PRIMARY",
    "OTHER"
  ],
  "SeriesNumber": 7,
  "AcquisitionTime": "11:36:6.000000",
  "AcquisitionNumber": 1,
  "SliceThickness": 1.7,
  "SpacingBetweenSlices": 1.7,
  "SAR": 1.29895,
  "EchoTime": 0.0819,
  "RepetitionTime": 4.1,
  "FlipAngle": 77,
  "PhaseEncodingPolarityGE": "Unflipped",
  "ShimSetting": [
    1,
    2,
    -45
  ],
  "NumberOfDiffusionT2GE": 2,
  "CoilString": "RM:Nova32ch",
  "PercentPhaseFOV": 100,
  "PercentSampling": 100,
  "AcquisitionMatrixPE": 140,
  "ReconMatrixPE": 140,
  "EffectiveEchoSpacing": 0.000752,
  "TotalReadoutTime": 0.104528,
  "PixelBandwidth": 1785.71,
  "PhaseEncodingDirection": "j-",
  "SliceTiming": [
    0,
    2.12593,
    0.151852,
    2.27778,
    0.303704,
    2.42963,
    0.455556,
    2.58148,
    0.607407,
    2.73333,
    0.759259,
    2.88519,
    0.911111,
    3.03704,
    1.06296,
    3.18889,
    1.21481,
    3.34074,
    1.36667,
    3.49259,
    1.51852,
    3.64444,
    1.67037,
    3.7963,
    1.82222,
    3.94815,
    1.97407,
    0,
    2.12593,
    0.151852,
    2.27778,
    0.303704,
    2.42963,
    0.455556,
    2.58148,
    0.607407,
    2.73333,
    0.759259,
    2.88519,
    0.911111,
    3.03704,
    1.06296,
    3.18889,
    1.21481,
    3.34074,
    1.36667,
    3.49259,
    1.51852,
    3.64444,
    1.67037,
    3.7963,
    1.82222,
    3.94815,
    1.97407,
    0,
    2.12593,
    0.151852,
    2.27778,
    0.303704,
    2.42963,
    0.455556,
    2.58148,
    0.607407,
    2.73333,
    0.759259,
    2.88519,
    0.911111,
    3.03704,
    1.06296,
    3.18889,
    1.21481,
    3.34074,
    1.36667,
    3.49259,
    1.51852,
    3.64444,
    1.67037,
    3.7963,
    1.82222,
    3.94815,
    1.97407
  ],
  "ImageOrientationPatientDICOM": [
    1,
    -0,
    0,
    -0,
    1,
    0
  ],
  "InPlanePhaseEncodingDirectionDICOM": "COL",
  "ConversionSoftware": "dcm2niix",
  "ConversionSoftwareVersion": "v1.0.20230411",
  "MultiBandAccelerationFactor": "3",
  "IntendedFor": [
    "ses-cfmri2/dwi/sub-ts001_ses-cfmri2_acq-abcd_dir-PA_dwi.nii.gz"
  ]
}
