{
    "Modality": "MR",
    "MagneticFieldStrength": 3,
    "ImagingFrequency": 123.231343,
    "Manufacturer": "Siemens",
    "ManufacturersModelName": "Prisma",
    "InstitutionName": "SDSU EIS Complex",
    "InstitutionalDepartmentName": "Department",
    "InstitutionAddress": "Campanile Dr 5500,San Diego,Los Angeles,US,92182",
    "DeviceSerialNumber": "166046",
    "StationName": "AWP166046",
    "PatientAge": 44,
    "BodyPartExamined": "BRAIN",
    "PatientPosition": "HFS",
    "ProcedureStepDescription": "SDSU^Hau, Janice",
    "SoftwareVersions": "syngo MR E11",
    "MRAcquisitionType": "2D",
    "SeriesDescription": "rev.b0_PA,1.8^3,mb3,4rep",
    "ProtocolName": "rev.b0_PA,1.8^3,mb3,4rep",
    "ScanningSequence": "EP",
    "SequenceVariant": "SK\\SP",
    "ScanOptions": "PFP\\FS",
    "SequenceName": "*ep_b0",
    "ImageType": [
        "ORIGINAL",
        "PRIMARY",
        "DIFFUSION",
        "NONE",
        "ND",
        "NORM"
    ],
    "NonlinearGradientCorrection": false,
    "SeriesNumber": 6,
    "AcquisitionTime": "17:46:38.782500",
    "AcquisitionNumber": 1,
    "SliceThickness": 1.8,
    "SpacingBetweenSlices": 1.8,
    "SAR": 0.223894,
    "EchoTime": 0.085,
    "RepetitionTime": 4,
    "SpoilingState": true,
    "FlipAngle": 90,
    "PartialFourier": 0.75,
    "BaseResolution": 140,
    "ShimSetting": [
        4204,
        -11904,
        3622,
        364,
        187,
        -33,
        -117,
        -15
    ],
    "DiffusionScheme": "Monopolar",
    "TxRefAmp": 236.416,
    "PhaseResolution": 1,
    "ReceiveCoilName": "Head_32",
    "ReceiveCoilActiveElements": "HEA;HEP",
    "PulseSequenceDetails": "%SiemensSeq%\\ep2d_diff",
    "RefLinesPE": 19,
    "CoilCombinationMethod": "Adaptive Combine",
    "ConsistencyInfo": "N4_VE11C_LATEST_20160120",
    "MultibandAccelerationFactor": 3,
    "PercentPhaseFOV": 100,
    "PercentSampling": 100,
    "EchoTrainLength": 105,
    "PhaseEncodingSteps": 105,
    "AcquisitionMatrixPE": 140,
    "ReconMatrixPE": 140,
    "BandwidthPerPixelPhaseEncode": 11.71,
    "EffectiveEchoSpacing": 0.000609979,
    "DerivedVendorReportedEchoSpacing": 0.000609979,
    "TotalReadoutTime": 0.0847871,
    "PixelBandwidth": 1985,
    "DwellTime": 0.0000018,
    "PhaseEncodingDirection": "j",
    "SliceTiming": [
        0,
        2.0625,
        0.15625,
        2.21875,
        0.29688,
        2.35938,
        0.4375,
        2.5,
        0.59375,
        2.65625,
        0.73438,
        2.79688,
        0.89062,
        2.95312,
        1.03125,
        3.09375,
        1.1875,
        3.25,
        1.32812,
        3.39062,
        1.46875,
        3.53125,
        1.625,
        3.6875,
        1.76562,
        3.82812,
        1.92188,
        0,
        2.0625,
        0.15625,
        2.21875,
        0.29688,
        2.35938,
        0.4375,
        2.5,
        0.59375,
        2.65625,
        0.73438,
        2.79688,
        0.89062,
        2.95312,
        1.03125,
        3.09375,
        1.1875,
        3.25,
        1.32812,
        3.39062,
        1.46875,
        3.53125,
        1.625,
        3.6875,
        1.76562,
        3.82812,
        1.92188,
        0,
        2.0625,
        0.15625,
        2.21875,
        0.29688,
        2.35938,
        0.4375,
        2.5,
        0.59375,
        2.65625,
        0.73438,
        2.79688,
        0.89062,
        2.95312,
        1.03125,
        3.09375,
        1.1875,
        3.25,
        1.32812,
        3.39062,
        1.46875,
        3.53125,
        1.625,
        3.6875,
        1.76562,
        3.82812,
        1.92188
    ],
    "ImageOrientationPatientDICOM": [
        1,
        0,
        0,
        0,
        1,
        0
    ],
    "ImageOrientationText": "Tra",
    "InPlanePhaseEncodingDirectionDICOM": "COL",
    "BidsGuess": [
        "dwi",
        "_acq-epb0m3_dir-PA_run-6_dwi"
    ],
    "ConversionSoftware": "dcm2niix",
    "ConversionSoftwareVersion": "v1.0.20240202",
    "IntendedFor": [
        "ses-sdsu2/dwi/sub-ts008_ses-sdsu2_acq-2shell93dir_dir-AP_dwi.nii.gz",
        "ses-sdsu2/dwi/sub-ts008_ses-sdsu2_acq-4shell96dir_dir-AP_dwi.nii.gz"
    ]
}