{
    "Modality": "MR",
    "MagneticFieldStrength": 3,
    "ImagingFrequency": 123.231324,
    "Manufacturer": "Siemens",
    "ManufacturersModelName": "Prisma",
    "InstitutionName": "SDSU EIS Complex",
    "InstitutionalDepartmentName": "Department",
    "InstitutionAddress": "Campanile Dr 5500,San Diego,Los Angeles,US,92182",
    "DeviceSerialNumber": "166046",
    "StationName": "AWP166046",
    "PatientAge": 44,
    "BodyPartExamined": "BRAIN",
    "PatientPosition": "HFS",
    "ProcedureStepDescription": "SDSU^Hau, Janice",
    "SoftwareVersions": "syngo MR E11",
    "MRAcquisitionType": "2D",
    "SeriesDescription": "rev.b0_PA,1.8^3,mb3,4rep",
    "ProtocolName": "rev.b0_PA,1.8^3,mb3,4rep",
    "ScanningSequence": "EP",
    "SequenceVariant": "SK\\SP",
    "ScanOptions": "PFP\\FS",
    "SequenceName": "*ep_b0",
    "ImageType": [
        "ORIGINAL",
        "PRIMARY",
        "DIFFUSION",
        "NONE",
        "ND",
        "NORM"
    ],
    "NonlinearGradientCorrection": false,
    "SeriesNumber": 6,
    "AcquisitionTime": "16:40:8.757500",
    "AcquisitionNumber": 1,
    "SliceThickness": 1.8,
    "SpacingBetweenSlices": 1.8,
    "SAR": 0.202011,
    "EchoTime": 0.085,
    "RepetitionTime": 4,
    "SpoilingState": true,
    "FlipAngle": 90,
    "PartialFourier": 0.75,
    "BaseResolution": 140,
    "ShimSetting": [
        4169,
        -11913,
        3619,
        193,
        10,
        -167,
        -141,
        -9
    ],
    "DiffusionScheme": "Monopolar",
    "TxRefAmp": 283.288,
    "PhaseResolution": 1,
    "ReceiveCoilName": "Head_32",
    "ReceiveCoilActiveElements": "HEA;HEP",
    "PulseSequenceDetails": "%SiemensSeq%\\ep2d_diff",
    "RefLinesPE": 19,
    "CoilCombinationMethod": "Adaptive Combine",
    "ConsistencyInfo": "N4_VE11C_LATEST_20160120",
    "MultibandAccelerationFactor": 3,
    "PercentPhaseFOV": 100,
    "PercentSampling": 100,
    "EchoTrainLength": 105,
    "PhaseEncodingSteps": 105,
    "AcquisitionMatrixPE": 140,
    "ReconMatrixPE": 140,
    "BandwidthPerPixelPhaseEncode": 11.71,
    "EffectiveEchoSpacing": 0.000609979,
    "DerivedVendorReportedEchoSpacing": 0.000609979,
    "TotalReadoutTime": 0.0847871,
    "PixelBandwidth": 1985,
    "DwellTime": 0.0000018,
    "PhaseEncodingDirection": "j",
    "SliceTiming": [
        0,
        2.07812,
        0.15625,
        2.21875,
        0.29688,
        2.375,
        0.45312,
        2.51562,
        0.59375,
        2.65625,
        0.75,
        2.8125,
        0.89062,
        2.95312,
        1.04688,
        3.10938,
        1.1875,
        3.25,
        1.32812,
        3.39062,
        1.48438,
        3.54688,
        1.625,
        3.6875,
        1.78125,
        3.84375,
        1.92188,
        0,
        2.07812,
        0.15625,
        2.21875,
        0.29688,
        2.375,
        0.45312,
        2.51562,
        0.59375,
        2.65625,
        0.75,
        2.8125,
        0.89062,
        2.95312,
        1.04688,
        3.10938,
        1.1875,
        3.25,
        1.32812,
        3.39062,
        1.48438,
        3.54688,
        1.625,
        3.6875,
        1.78125,
        3.84375,
        1.92188,
        0,
        2.07812,
        0.15625,
        2.21875,
        0.29688,
        2.375,
        0.45312,
        2.51562,
        0.59375,
        2.65625,
        0.75,
        2.8125,
        0.89062,
        2.95312,
        1.04688,
        3.10938,
        1.1875,
        3.25,
        1.32812,
        3.39062,
        1.48438,
        3.54688,
        1.625,
        3.6875,
        1.78125,
        3.84375,
        1.92188
    ],
    "ImageOrientationPatientDICOM": [
        1,
        0,
        0,
        0,
        1,
        0
    ],
    "ImageOrientationText": "Tra",
    "InPlanePhaseEncodingDirectionDICOM": "COL",
    "BidsGuess": [
        "dwi",
        "_acq-epb0m3_dir-PA_run-6_dwi"
    ],
    "ConversionSoftware": "dcm2niix",
    "ConversionSoftwareVersion": "v1.0.20240202",
    "IntendedFor": [
        "ses-sdsu1/dwi/sub-ts010_ses-sdsu1_acq-2shell93dir_dir-AP_dwi.nii.gz",
        "ses-sdsu1/dwi/sub-ts010_ses-sdsu1_acq-4shell96dir_dir-AP_dwi.nii.gz"
    ]
}