{
  "Modality": "MR",
  "MagneticFieldStrength": 3,
  "ImagingFrequency": 127.716474,
  "Manufacturer": "GE",
  "ManufacturersModelName": "DISCOVERY MR750",
  "InstitutionName": "fmri3tw",
  "DeviceSerialNumber": "00000858822HDMR1",
  "StationName": "MROW2",
  "PatientPosition": "HFS",
  "ProcedureStepDescription": "Cube",
  "SoftwareVersions": "25\\LX\\MR Software release:DV25.0_R02_1549.b",
  "MRAcquisitionType": "3D",
  "SeriesDescription": "PU:Cube T2 PROMO",
  "ProtocolName": "Hau_Harmonization_100320",
  "ScanningSequence": "RM",
  "SequenceVariant": "NONE",
  "ScanOptions": "EDR_GEMS\\PROMO_GEMS\\ACC_GEMS\\FSS_GEMS\\FILTERED_GEMS",
  "PulseSequenceName": "research/3dfse_promo",
  "ImageType": [
    "DERIVED",
    "PRIMARY",
    "OTHER"
  ],
  "RawImage": false,
  "SeriesNumber": 900,
  "AcquisitionTime": "17:57:2.000000",
  "AcquisitionNumber": 1,
  "SliceThickness": 0.8,
  "SpacingBetweenSlices": 0.8,
  "SAR": 0.788133,
  "EchoTime": 0.061209,
  "RepetitionTime": 3.2,
  "FlipAngle": 90,
  "ShimSetting": [
    1,
    4,
    -43
  ],
  "PrescanReuseString": "TG/s7",
  "CoilString": "RM:Nova32ch",
  "PercentPhaseFOV": 94,
  "PercentSampling": 100,
  "EchoTrainLength": 200,
  "AcquisitionMatrixPE": 320,
  "ReconMatrixPE": 320,
  "ParallelReductionFactorInPlane": 2,
  "PixelBandwidth": 781.25,
  "PhaseEncodingAxis": "i",
  "ImageOrientationPatientDICOM": [
    0,
    1,
    0,
    0,
    0,
    -1
  ],
  "InPlanePhaseEncodingDirectionDICOM": "ROW",
  "BidsGuess": [
    "derived",
    "_acq-3DFSEp2_run-900_T2w"
  ],
  "ConversionSoftware": "dcm2niix",
  "ConversionSoftwareVersion": "v1.0.20240202"
}
