{
    "Modality": "MR",
    "MagneticFieldStrength": 3,
    "ImagingFrequency": 123.231282,
    "Manufacturer": "Siemens",
    "ManufacturersModelName": "Prisma",
    "InstitutionName": "SDSU EIS Complex",
    "InstitutionalDepartmentName": "Department",
    "InstitutionAddress": "Campanile Dr 5500,San Diego,Los Angeles,US,92182",
    "DeviceSerialNumber": "166046",
    "StationName": "AWP166046",
    "PatientAge": 44,
    "BodyPartExamined": "BRAIN",
    "PatientPosition": "HFS",
    "ProcedureStepDescription": "SDSU^Hau, Janice",
    "SoftwareVersions": "syngo MR E11",
    "MRAcquisitionType": "2D",
    "SeriesDescription": "rev.d96-3000,1.8^3,mb3,1rep,line17",
    "ProtocolName": "rev.d96-3000,1.8^3,mb3,1rep,line17",
    "ScanningSequence": "EP",
    "SequenceVariant": "SK\\SP",
    "ScanOptions": "PFP\\FS",
    "SequenceName": "*ep_b0",
    "ImageType": [
        "ORIGINAL",
        "PRIMARY",
        "DIFFUSION",
        "NONE",
        "ND",
        "NORM",
        "MOSAIC"
    ],
    "NonlinearGradientCorrection": false,
    "SeriesNumber": 13,
    "AcquisitionTime": "19:27:44.632500",
    "AcquisitionNumber": 1,
    "SliceThickness": 1.8,
    "SpacingBetweenSlices": 1.8,
    "SAR": 0.294125,
    "EchoTime": 0.085,
    "RepetitionTime": 4,
    "SpoilingState": true,
    "FlipAngle": 90,
    "PartialFourier": 0.75,
    "BaseResolution": 140,
    "ShimSetting": [
        4196,
        -11932,
        3632,
        471,
        70,
        -108,
        80,
        -54
    ],
    "DiffusionScheme": "Monopolar",
    "TxRefAmp": 250.984,
    "PhaseResolution": 1,
    "ReceiveCoilName": "Head_32",
    "ReceiveCoilActiveElements": "HEA;HEP",
    "PulseSequenceDetails": "%SiemensSeq%\\ep2d_diff",
    "RefLinesPE": 19,
    "CoilCombinationMethod": "Adaptive Combine",
    "ConsistencyInfo": "N4_VE11C_LATEST_20160120",
    "MultibandAccelerationFactor": 3,
    "PercentPhaseFOV": 100,
    "PercentSampling": 100,
    "EchoTrainLength": 105,
    "PhaseEncodingSteps": 105,
    "AcquisitionMatrixPE": 140,
    "ReconMatrixPE": 140,
    "BandwidthPerPixelPhaseEncode": 11.71,
    "EffectiveEchoSpacing": 0.000609979,
    "DerivedVendorReportedEchoSpacing": 0.000609979,
    "TotalReadoutTime": 0.0847871,
    "PixelBandwidth": 1985,
    "DwellTime": 0.0000018,
    "PhaseEncodingDirection": "j-",
    "SliceTiming": [
        0,
        2.0625,
        0.1475,
        2.21,
        0.295,
        2.3575,
        0.4425,
        2.505,
        0.59,
        2.6525,
        0.7375,
        2.8,
        0.885,
        2.9475,
        1.0325,
        3.095,
        1.1775,
        3.2425,
        1.325,
        3.39,
        1.4725,
        3.5375,
        1.62,
        3.685,
        1.7675,
        3.8325,
        1.915,
        0,
        2.0625,
        0.1475,
        2.21,
        0.295,
        2.3575,
        0.4425,
        2.505,
        0.59,
        2.6525,
        0.7375,
        2.8,
        0.885,
        2.9475,
        1.0325,
        3.095,
        1.1775,
        3.2425,
        1.325,
        3.39,
        1.4725,
        3.5375,
        1.62,
        3.685,
        1.7675,
        3.8325,
        1.915,
        0,
        2.0625,
        0.1475,
        2.21,
        0.295,
        2.3575,
        0.4425,
        2.505,
        0.59,
        2.6525,
        0.7375,
        2.8,
        0.885,
        2.9475,
        1.0325,
        3.095,
        1.1775,
        3.2425,
        1.325,
        3.39,
        1.4725,
        3.5375,
        1.62,
        3.685,
        1.7675,
        3.8325,
        1.915
    ],
    "ImageOrientationPatientDICOM": [
        1,
        0,
        0,
        0,
        1,
        0
    ],
    "ImageOrientationText": "Tra",
    "InPlanePhaseEncodingDirectionDICOM": "COL",
    "BidsGuess": [
        "dwi",
        "_acq-epb0m3_dir-AP_run-13_dwi"
    ],
    "ConversionSoftware": "dcm2niix",
    "ConversionSoftwareVersion": "v1.0.20240202"
}