{
    "Modality": "MR",
    "MagneticFieldStrength": 3,
    "ImagingFrequency": 127.716536,
    "Manufacturer": "GE",
    "ManufacturersModelName": "DISCOVERY MR750",
    "InstitutionName": "fmri3tw",
    "DeviceSerialNumber": "00000858822HDMR1",
    "StationName": "MROW2",
    "PatientAge": 0,
    "PatientPosition": "HFS",
    "ProcedureStepDescription": "SPGR",
    "SoftwareVersions": "25\\LX\\MR Software release:DV25.0_R02_1549.b",
    "MRAcquisitionType": "3D",
    "SeriesDescription": "FSPGR_Anat 8ch",
    "ProtocolName": "Hau_Harmonization_100320",
    "ScanningSequence": "GR",
    "SequenceVariant": "SS\\SP\\SK",
    "ScanOptions": "FAST_GEMS\\EDR_GEMS\\ACC_GEMS",
    "PulseSequenceName": "efgre3d",
    "ImageType": [
        "ORIGINAL",
        "PRIMARY",
        "OTHER"
    ],
    "SeriesNumber": 14,
    "AcquisitionTime": "11:43:24.000000",
    "AcquisitionNumber": 1,
    "SliceThickness": 1,
    "SpacingBetweenSlices": 1,
    "SAR": 0.154665,
    "EchoTime": 0.003172,
    "RepetitionTime": 0.008136,
    "SpoilingState": true,
    "InversionTime": 0.6,
    "FlipAngle": 8,
    "ShimSetting": [
        1,
        11,
        -35
    ],
    "PrescanReuseString": "TG/s11",
    "CoilString": "8HRBRAIN",
    "PercentPhaseFOV": 100,
    "PercentSampling": 100,
    "AcquisitionMatrixPE": 192,
    "ReconMatrixPE": 256,
    "ParallelReductionFactorInPlane": 2,
    "PixelBandwidth": 244.141,
    "ImageOrientationPatientDICOM": [
        0,
        1,
        0,
        0,
        0,
        -1
    ],
    "InPlanePhaseEncodingDirectionDICOM": "ROW",
    "BidsGuess": [
        "anat",
        "_acq-EFGRE3Dp2_run-14_T1w"
    ],
    "ConversionSoftware": "dcm2niix",
    "ConversionSoftwareVersion": "v1.0.20240202"
}