{
    "Modality": "MR",
    "MagneticFieldStrength": 3,
    "ImagingFrequency": 123.231331,
    "Manufacturer": "Siemens",
    "ManufacturersModelName": "Prisma",
    "InstitutionName": "SDSU EIS Complex",
    "InstitutionalDepartmentName": "Department",
    "InstitutionAddress": "Campanile Dr 5500,San Diego,Los Angeles,US,92182",
    "DeviceSerialNumber": "166046",
    "StationName": "AWP166046",
    "PatientAge": 44,
    "BodyPartExamined": "BRAIN",
    "PatientPosition": "HFS",
    "ProcedureStepDescription": "SDSU^Hau, Janice",
    "SoftwareVersions": "syngo MR E11",
    "MRAcquisitionType": "3D",
    "SeriesDescription": "t2_space_0.9^3_sag_p4_iso-DEF=pe2,sl2",
    "ProtocolName": "t2_space_0.9^3_sag_p4_iso-DEF=pe2,sl2",
    "ScanningSequence": "SE",
    "SequenceVariant": "SK\\SP",
    "ScanOptions": "PFP",
    "SequenceName": "*spcR_282ns",
    "ImageType": [
        "ORIGINAL",
        "PRIMARY",
        "M",
        "ND",
        "NORM"
    ],
    "NonlinearGradientCorrection": false,
    "SeriesNumber": 5,
    "AcquisitionTime": "13:35:24.442500",
    "AcquisitionNumber": 1,
    "SliceThickness": 0.9,
    "SAR": 0.134799,
    "NumberOfAverages": 2,
    "EchoTime": 0.408,
    "RepetitionTime": 3.2,
    "SpoilingState": true,
    "FlipAngle": 120,
    "VariableFlipAngleFlag": true,
    "AveragesDouble": 1.4,
    "PartialFourier": 1,
    "BaseResolution": 256,
    "ShimSetting": [
        4163,
        -11888,
        3392,
        -6,
        63,
        -11,
        -137,
        -10
    ],
    "TxRefAmp": 235.642,
    "PhaseResolution": 1,
    "ReceiveCoilName": "Head_32",
    "ReceiveCoilActiveElements": "HEA;HEP",
    "PulseSequenceDetails": "%SiemensSeq%\\tse_vfl",
    "RefLinesPE": 24,
    "CoilCombinationMethod": "Adaptive Combine",
    "ConsistencyInfo": "N4_VE11C_LATEST_20160120",
    "MatrixCoilMode": "GRAPPA",
    "PercentPhaseFOV": 100,
    "PercentSampling": 100,
    "EchoTrainLength": 253,
    "PhaseEncodingSteps": 229,
    "AcquisitionMatrixPE": 256,
    "ReconMatrixPE": 256,
    "ParallelReductionFactorInPlane": 2,
    "ParallelReductionFactorOutOfPlane": 2,
    "PixelBandwidth": 725,
    "DwellTime": 0.0000027,
    "PhaseEncodingDirection": "i",
    "ImageOrientationPatientDICOM": [
        0,
        1,
        0,
        0,
        0,
        -1
    ],
    "ImageOrientationText": "Sag",
    "InPlanePhaseEncodingDirectionDICOM": "ROW",
    "BidsGuess": [
        "anat",
        "_acq-spcR2p4_run-5_T2w"
    ],
    "ConversionSoftware": "dcm2niix",
    "ConversionSoftwareVersion": "v1.0.20240202"
}