{
    "Modality": "MR",
    "MagneticFieldStrength": 3,
    "ImagingFrequency": 127.716491,
    "Manufacturer": "GE",
    "InternalPulseSequenceName": "EPI2",
    "ManufacturersModelName": "DISCOVERY MR750",
    "InstitutionName": "fmri3tw",
    "DeviceSerialNumber": "00000858822HDMR1",
    "StationName": "MROW2",
    "PatientAge": 0,
    "PatientPosition": "HFS",
    "ProcedureStepDescription": "Spin Echo",
    "SoftwareVersions": "25\\LX\\MR Software release:DV25.0_R02_1549.b",
    "MRAcquisitionType": "2D",
    "SeriesDescription": "DTI 61dir 8ch",
    "ProtocolName": "Hau_Harmonization_100320",
    "ScanningSequence": "EP\\SE",
    "SequenceVariant": "NONE",
    "ScanOptions": "SAT_GEMS\\EPI_GEMS\\ACC_GEMS\\PFF\\FS",
    "PulseSequenceName": "epi2",
    "ImageType": [
        "ORIGINAL",
        "PRIMARY",
        "OTHER"
    ],
    "SeriesNumber": 14,
    "AcquisitionTime": "18:33:13.000000",
    "AcquisitionNumber": 1,
    "SliceThickness": 2,
    "SpacingBetweenSlices": 2,
    "SAR": 0.957423,
    "EchoTime": 0.0821,
    "RepetitionTime": 8.5,
    "FlipAngle": 90,
    "PhaseEncodingPolarityGE": "Flipped",
    "ShimSetting": [
        0,
        -5,
        -41
    ],
    "NumberOfDiffusionDirectionGE": 61,
    "NumberOfDiffusionT2GE": 1,
    "CoilString": "8HRBRAIN",
    "PercentPhaseFOV": 100,
    "PercentSampling": 100,
    "AcquisitionMatrixPE": 128,
    "ReconMatrixPE": 128,
    "ParallelReductionFactorInPlane": 2,
    "EffectiveEchoSpacing": 0.000353197,
    "TotalReadoutTime": 0.044856,
    "PixelBandwidth": 3906.25,
    "PhaseEncodingDirection": "j",
    "SliceTiming": [
        8.375,
        4.125,
        8.25,
        4,
        8.125,
        3.875,
        8,
        3.75,
        7.875,
        3.625,
        7.75,
        3.5,
        7.625,
        3.375,
        7.5,
        3.25,
        7.375,
        3.125,
        7.25,
        3,
        7.125,
        2.875,
        7,
        2.75,
        6.875,
        2.625,
        6.75,
        2.5,
        6.625,
        2.375,
        6.5,
        2.25,
        6.375,
        2.125,
        6.25,
        2,
        6.125,
        1.875,
        6,
        1.75,
        5.875,
        1.625,
        5.75,
        1.5,
        5.625,
        1.375,
        5.5,
        1.25,
        5.375,
        1.125,
        5.25,
        1,
        5.125,
        0.875,
        5,
        0.75,
        4.875,
        0.625,
        4.75,
        0.5,
        4.625,
        0.375,
        4.5,
        0.25,
        4.375,
        0.125,
        4.25,
        0
    ],
    "ImageOrientationPatientDICOM": [
        1,
        0,
        0,
        0,
        1,
        0
    ],
    "InPlanePhaseEncodingDirectionDICOM": "COL",
    "BidsGuess": [
        "dwi",
        "_acq-EPI2p2_dir-PA_run-14_dwi"
    ],
    "ConversionSoftware": "dcm2niix",
    "ConversionSoftwareVersion": "v1.0.20240202"
}