{
  "Modality": "MR",
  "MagneticFieldStrength": 3,
  "ImagingFrequency": 127.716483,
  "Manufacturer": "GE",
  "InternalPulseSequenceName": "EPI2",
  "ManufacturersModelName": "DISCOVERY MR750",
  "InstitutionName": "fmri3tw",
  "DeviceSerialNumber": "00000858822HDMR1",
  "StationName": "MROW2",
  "PatientPosition": "HFS",
  "SoftwareVersions": "25\\LX\\MR Software release:DV25.0_R02_1549.b",
  "MRAcquisitionType": "2D",
  "SeriesDescription": "45-dir MultiShell Pepolar 8ch",
  "ProtocolName": "Hau_Harmonization_2FMopt",
  "ScanningSequence": "EP\\RM",
  "SequenceVariant": "NONE",
  "ScanOptions": "SAT_GEMS\\EPI_GEMS\\PFF\\FS",
  "PulseSequenceName": "epi2_pepolarFLEX",
  "ImageType": [
    "ORIGINAL",
    "PRIMARY",
    "OTHER"
  ],
  "SeriesNumber": 19,
  "AcquisitionTime": "15:37:16.000000",
  "AcquisitionNumber": 1,
  "SliceThickness": 2,
  "SpacingBetweenSlices": 2,
  "SAR": 0.542271,
  "EchoTime": 0.0806,
  "RepetitionTime": 7,
  "FlipAngle": 90,
  "PhaseEncodingPolarityGE": "Flipped",
  "ShimSetting": [
    0,
    1,
    -36
  ],
  "NumberOfDiffusionT2GE": 2,
  "CoilString": "8HRBRAIN",
  "PercentPhaseFOV": 100,
  "PercentSampling": 100,
  "AcquisitionMatrixPE": 96,
  "ReconMatrixPE": 128,
  "EffectiveEchoSpacing": 0.000439843,
  "TotalReadoutTime": 0.05586,
  "PixelBandwidth": 3906.25,
  "PhaseEncodingDirection": "j-",
  "SliceTiming": [
    6.875,
    3.375,
    6.75,
    3.25,
    6.625,
    3.125,
    6.5,
    3,
    6.375,
    2.875,
    6.25,
    2.75,
    6.125,
    2.625,
    6,
    2.5,
    5.875,
    2.375,
    5.75,
    2.25,
    5.625,
    2.125,
    5.5,
    2,
    5.375,
    1.875,
    5.25,
    1.75,
    5.125,
    1.625,
    5,
    1.5,
    4.875,
    1.375,
    4.75,
    1.25,
    4.625,
    1.125,
    4.5,
    1,
    4.375,
    0.875,
    4.25,
    0.75,
    4.125,
    0.625,
    4,
    0.5,
    3.875,
    0.375,
    3.75,
    0.25,
    3.625,
    0.125,
    3.5,
    0
  ],
  "ImageOrientationPatientDICOM": [
    1,
    -0,
    0,
    -0,
    1,
    0
  ],
  "InPlanePhaseEncodingDirectionDICOM": "COL",
  "ConversionSoftware": "dcm2niix",
  "ConversionSoftwareVersion": "v1.0.20230411",
  "IntendedFor": [
    "ses-cfmri1/dwi/sub-ts002_ses-cfmri1_acq-3shell45dir_dir-PA_dwi.nii.gz"
  ]
}
