{
  "Modality": "MR",
  "MagneticFieldStrength": 3,
  "ImagingFrequency": 127.716436,
  "Manufacturer": "GE",
  "InternalPulseSequenceName": "EPI2",
  "ManufacturersModelName": "DISCOVERY MR750",
  "InstitutionName": "fmri3tw",
  "DeviceSerialNumber": "00000858822HDMR1",
  "StationName": "MROW2",
  "PatientPosition": "HFS",
  "SoftwareVersions": "25\\LX\\MR Software release:DV25.0_R02_1549.b",
  "MRAcquisitionType": "2D",
  "SeriesDescription": "DTI pe0 SDSU1 dmb07",
  "ProtocolName": "Hau_Harmonization_100320",
  "ScanningSequence": "EP\\RM",
  "SequenceVariant": "NONE",
  "ScanOptions": "EDR_GEMS\\EPI_GEMS\\PFF",
  "PulseSequenceName": "muxepi2",
  "ImageType": [
    "ORIGINAL",
    "PRIMARY",
    "OTHER"
  ],
  "SeriesNumber": 6,
  "AcquisitionTime": "17:39:58.000000",
  "AcquisitionNumber": 1,
  "SliceThickness": 1.7,
  "SpacingBetweenSlices": 1.7,
  "SAR": 1.40339,
  "EchoTime": 0.089,
  "RepetitionTime": 4,
  "FlipAngle": 78,
  "PhaseEncodingPolarityGE": "Flipped",
  "ShimSetting": [
    1,
    4,
    -43
  ],
  "PrescanReuseString": "TG/s5",
  "NumberOfDiffusionT2GE": 6,
  "CoilString": "RM:Nova32ch",
  "PercentPhaseFOV": 100,
  "PercentSampling": 100,
  "AcquisitionMatrixPE": 140,
  "ReconMatrixPE": 140,
  "EffectiveEchoSpacing": 0.000752,
  "TotalReadoutTime": 0.104528,
  "PixelBandwidth": 1785.71,
  "PhaseEncodingDirection": "j",
  "SliceTiming": [
    0,
    2.07407,
    0.148148,
    2.22222,
    0.296296,
    2.37037,
    0.444444,
    2.51852,
    0.592593,
    2.66667,
    0.740741,
    2.81481,
    0.888889,
    2.96296,
    1.03704,
    3.11111,
    1.18519,
    3.25926,
    1.33333,
    3.40741,
    1.48148,
    3.55556,
    1.62963,
    3.7037,
    1.77778,
    3.85185,
    1.92593,
    0,
    2.07407,
    0.148148,
    2.22222,
    0.296296,
    2.37037,
    0.444444,
    2.51852,
    0.592593,
    2.66667,
    0.740741,
    2.81481,
    0.888889,
    2.96296,
    1.03704,
    3.11111,
    1.18519,
    3.25926,
    1.33333,
    3.40741,
    1.48148,
    3.55556,
    1.62963,
    3.7037,
    1.77778,
    3.85185,
    1.92593,
    0,
    2.07407,
    0.148148,
    2.22222,
    0.296296,
    2.37037,
    0.444444,
    2.51852,
    0.592593,
    2.66667,
    0.740741,
    2.81481,
    0.888889,
    2.96296,
    1.03704,
    3.11111,
    1.18519,
    3.25926,
    1.33333,
    3.40741,
    1.48148,
    3.55556,
    1.62963,
    3.7037,
    1.77778,
    3.85185,
    1.92593
  ],
  "ImageOrientationPatientDICOM": [
    1,
    -0,
    0,
    -0,
    1,
    0
  ],
  "InPlanePhaseEncodingDirectionDICOM": "COL",
  "ConversionSoftware": "dcm2niix",
  "ConversionSoftwareVersion": "v1.0.20230411",
  "MultiBandAccelerationFactor": "3",
  "IntendedFor": [
    "ses-cfmri1/dwi/sub-ts010_ses-cfmri1_acq-2shell93dir_dir-AP_dwi.nii.gz",
    "ses-cfmri1/dwi/sub-ts010_ses-cfmri1_acq-2shell93dir_dir-PA_dwi.nii.gz"
  ]
}
